PATH
  remote: plugins/acao_hel
  specs:
    acao_hel (1.0.0)

PATH
  remote: plugins/acao_heltog
  specs:
    acao_heltog (1.0.0)

PATH
  remote: plugins/acao_maindb_models
  specs:
    acao_maindb_models (1.0.0)

PATH
  remote: plugins/acao_models
  specs:
    acao_models (1.0.0)
      am-satispay
      prawn
      roxml

PATH
  remote: plugins/amqp_ws_gw
  specs:
    amqp_ws_gw (1.0.0)
      am-amqp (~> 2.0)
      am-ws
      ygg-diffable

PATH
  remote: plugins/ca_hel
  specs:
    ca_hel (1.0.0)
      active_rest (>= 6.6.0)

PATH
  remote: plugins/ca_models
  specs:
    ca_models (1.0.0)
      active_rest (>= 6.6.0)
      json-jwt (>= 1.9.4)

PATH
  remote: plugins/core_hel
  specs:
    core_hel (1.0.0)
      active_rest (>= 6.6.0)

PATH
  remote: plugins/core_heltog
  specs:
    core_heltog (0.0.1)

PATH
  remote: plugins/core_models
  specs:
    core_models (1.0.0)
      active_rest (>= 7.0.0)
      am-amqp
      deep_open_struct
      geocoder
      hooks
      pg_search
      uuidtools
      vihai-password-rails

PATH
  remote: plugins/hel
  specs:
    hel (1.0.0)

PATH
  remote: plugins/i18n_hel
  specs:
    i18n_hel (1.0.0)
      active_rest (>= 6.6.0)

PATH
  remote: plugins/i18n_models
  specs:
    i18n_models (1.0.0)
      active_rest (>= 6.6.0)

PATH
  remote: plugins/ml_hel
  specs:
    ml_hel (1.0.0)
      active_rest (>= 6.6.0)

PATH
  remote: plugins/ml_heltog
  specs:
    ml_heltog (1.0.0)

PATH
  remote: plugins/ml_models
  specs:
    ml_models (1.0.0)
      active_rest (>= 6.6.0)
      am-http
      am-smtp
      dkim
      mail

PATH
  remote: plugins/nisse_hel
  specs:
    nisse_hel (1.0.0)

PATH
  remote: plugins/rails_vos
  specs:
    rails_vos (1.0.0)
      am-amqp (~> 2.0)
      am-ws
      iarray
      ygg-diffable

PATH
  remote: plugins/streaming_hel
  specs:
    streaming_hel (1.0.0)

PATH
  remote: plugins/streaming_models
  specs:
    streaming_models (1.0.0)

GEM
  remote: https://gems.vihai.it/
  specs:
    active_rest (10.0.27)
      activerecord
      rubytree
      ygg-exception
    actor_model (1.28.0)
      activesupport
      sleepy_penguin
      ygg-exception
    am-amqp (2.5.0)
      actor_model
      am-sockets (~> 0.17)
      amazing_print
      rubynary
    am-auth-manager (0.4.0)
      actor_model
      json
      sqlite3
      vihai-password
      ygg-exception
    am-grafo-store (2.5.3)
      actor_model
      grafo-store (~> 2)
      iarray
      ygg-diffable
    am-http (0.31.1)
      actor_model (~> 1.6)
      addressable
      am-sockets (~> 0.17)
      sqlite3 (~> 1.7)
    am-io-buffer (0.4.0)
    am-satispay (0.1.0)
      activesupport
      am-http (~> 0.7)
    am-session-manager (0.0.5)
      actor_model
      sqlite3
      ygg-exception
    am-smtp (1.8.2)
      actor_model (~> 1.6)
      am-io-buffer
      am-sockets (~> 0.17)
    am-sockets (0.21.1)
      actor_model
      am-io-buffer
      netbin
      ygg-exception
      ynetaddr
    am-ssh (1.17.2)
      actor_model
      am-io-buffer (>= 0.4)
      am-sockets (~> 0.18)
      amazing_print
      rubynary
      ygg-exception
    am-vos (2.4.0)
      activesupport
      am-auth-manager
      am-grafo-store
      am-http (>= 0.25)
      am-session-manager
      am-ws (>= 1.3)
      bigdecimal
      iarray
      json
      ygg-diffable
      ygg-exception
    am-ws (1.7.1)
      actor_model (~> 1.6)
      am-http
      am-io-buffer
      am-sockets (>= 0.18)
    deep_open_struct (2.0.2)
    grafo-store (2.6.3)
      activesupport
      iarray
      ygg-exception
      ynetaddr
    hel_together (2.0.1)
      rack (>= 1.5.2)
      ygg_agent (~> 2.9)
    iarray (0.1.1)
    json_exceptions (0.0.3)
      ygg-exception
    netbin (0.5.0)
      rubynary
      ynetaddr
    rails_active_rest (1.0.9)
      active_rest
      ygg-exception
    rails_actor_model (1.0.1)
      actor_model (~> 1.4)
      colorize
    rails_amqp (1.1.1)
      am-amqp (~> 2.0)
    rubynary (0.9.0)
      activesupport
      bigdecimal
      json
    rubytree (100.9.8)
      json
      structured_warnings (~> 0.2)
    vihai-password (2.1.0)
      ffi
    vihai-password-rails (1.0.1)
      vihai-password
    ygg-diffable (0.5.2)
      activesupport
      bigdecimal
      json
    ygg-exception (0.4.0)
    ygg_agent (2.13.1)
      activesupport
      am-amqp (~> 2.0)
      ygg-exception (~> 0.0)
      ygg_app (~> 1.7)
    ygg_app (1.14.0)
      actor_model
      airbrake-ruby
      am-io-buffer
      amazing_print
      colorize (>= 0.7.3)
      deep_open_struct
      ffi (>= 1.9.0)
      pry (>= 0.14.1)
      unindent
      ygg-exception
    ynetaddr (1.17.0)

GEM
  remote: https://rubygems.org/
  specs:
    actionpack (8.0.2)
      actionview (= 8.0.2)
      activesupport (= 8.0.2)
      nokogiri (>= 1.8.5)
      rack (>= 2.2.4)
      rack-session (>= 1.0.1)
      rack-test (>= 0.6.3)
      rails-dom-testing (~> 2.2)
      rails-html-sanitizer (~> 1.6)
      useragent (~> 0.16)
    actionview (8.0.2)
      activesupport (= 8.0.2)
      builder (~> 3.1)
      erubi (~> 1.11)
      rails-dom-testing (~> 2.2)
      rails-html-sanitizer (~> 1.6)
    activemodel (8.0.2)
      activesupport (= 8.0.2)
    activerecord (8.0.2)
      activemodel (= 8.0.2)
      activesupport (= 8.0.2)
      timeout (>= 0.4.0)
    activerecord-sqlserver-adapter (8.0.7)
      activerecord (~> 8.0.0)
      tiny_tds
    activesupport (8.0.2)
      base64
      benchmark (>= 0.3)
      bigdecimal
      concurrent-ruby (~> 1.0, >= 1.3.1)
      connection_pool (>= 2.2.5)
      drb
      i18n (>= 1.6, < 2)
      logger (>= 1.4.2)
      minitest (>= 5.1)
      securerandom (>= 0.3)
      tzinfo (~> 2.0, >= 2.0.5)
      uri (>= 0.13.1)
    addressable (2.8.7)
      public_suffix (>= 2.0.2, < 7.0)
    aes_key_wrap (1.1.0)
    airbrake (13.0.5)
      airbrake-ruby (~> 6.0)
    airbrake-ruby (6.2.2)
      rbtree3 (~> 0.6)
    amazing_print (1.8.1)
    base64 (0.3.0)
    benchmark (0.4.1)
    bigdecimal (3.2.2)
    bindata (2.5.1)
    builder (3.3.0)
    byebug (12.0.0)
    coderay (1.1.3)
    colorize (1.1.0)
    concurrent-ruby (1.3.4)
    connection_pool (2.5.3)
    crass (1.0.6)
    csv (3.3.5)
    date (3.4.1)
    dkim (1.1.0)
    drb (2.2.3)
    erb (5.0.1)
    erubi (1.13.1)
    faraday (2.13.1)
      faraday-net_http (>= 2.0, < 3.5)
      json
      logger
    faraday-follow_redirects (0.3.0)
      faraday (>= 1, < 3)
    faraday-net_http (3.4.1)
      net-http (>= 0.5.0)
    ffi (1.17.2-aarch64-linux-gnu)
    ffi (1.17.2-aarch64-linux-musl)
    ffi (1.17.2-arm-linux-gnu)
    ffi (1.17.2-arm-linux-musl)
    ffi (1.17.2-arm64-darwin)
    ffi (1.17.2-x86-linux-gnu)
    ffi (1.17.2-x86-linux-musl)
    ffi (1.17.2-x86_64-darwin)
    ffi (1.17.2-x86_64-linux-gnu)
    ffi (1.17.2-x86_64-linux-musl)
    geocoder (1.8.5)
      base64 (>= 0.1.0)
      csv (>= 3.0.0)
    hooks (0.4.1)
      uber (~> 0.0.14)
    i18n (1.14.7)
      concurrent-ruby (~> 1.0)
    io-console (0.8.0)
    irb (1.15.2)
      pp (>= 0.6.0)
      rdoc (>= 4.0.0)
      reline (>= 0.4.2)
    json (2.12.2)
    json-jwt (1.16.7)
      activesupport (>= 4.2)
      aes_key_wrap
      base64
      bindata
      faraday (~> 2.0)
      faraday-follow_redirects
    logger (1.7.0)
    loofah (2.24.1)
      crass (~> 1.0.2)
      nokogiri (>= 1.12.0)
    mail (2.8.1)
      mini_mime (>= 0.1.1)
      net-imap
      net-pop
      net-smtp
    matrix (0.4.3)
    method_source (1.1.0)
    mini_mime (1.1.5)
    mini_portile2 (2.8.9)
    minitest (5.25.5)
    msgpack (1.8.0)
    net-http (0.6.0)
      uri
    net-imap (0.5.9)
      date
      net-protocol
    net-ldap (0.19.0)
    net-pop (0.1.2)
      net-protocol
    net-protocol (0.2.2)
      timeout
    net-smtp (0.5.1)
      net-protocol
    nio4r (2.7.4)
    nokogiri (1.18.8)
      mini_portile2 (~> 2.8.2)
      racc (~> 1.4)
    nokogiri (1.18.8-aarch64-linux-gnu)
      racc (~> 1.4)
    nokogiri (1.18.8-aarch64-linux-musl)
      racc (~> 1.4)
    nokogiri (1.18.8-arm-linux-gnu)
      racc (~> 1.4)
    nokogiri (1.18.8-arm-linux-musl)
      racc (~> 1.4)
    nokogiri (1.18.8-arm64-darwin)
      racc (~> 1.4)
    nokogiri (1.18.8-x86_64-darwin)
      racc (~> 1.4)
    nokogiri (1.18.8-x86_64-linux-gnu)
      racc (~> 1.4)
    nokogiri (1.18.8-x86_64-linux-musl)
      racc (~> 1.4)
    optimist (3.2.1)
    pdf-core (0.10.0)
    pg (1.5.9)
    pg_search (2.3.7)
      activerecord (>= 6.1)
      activesupport (>= 6.1)
    phone (1.2.3)
    pp (0.6.2)
      prettyprint
    prawn (2.5.0)
      matrix (~> 0.4)
      pdf-core (~> 0.10.0)
      ttfunk (~> 1.8)
    prawn-table (0.2.2)
      prawn (>= 1.3.0, < 3.0.0)
    prettyprint (0.2.0)
    pry (0.15.2)
      coderay (~> 1.1)
      method_source (~> 1.0)
    pry-rails (0.3.11)
      pry (>= 0.13.0)
    psych (5.2.6)
      date
      stringio
    public_suffix (6.0.2)
    puma (6.6.0)
      nio4r (~> 2.0)
    racc (1.8.1)
    rack (3.1.16)
    rack-session (2.1.1)
      base64 (>= 0.1.0)
      rack (>= 3.0.0)
    rack-test (2.2.0)
      rack (>= 1.3)
    rackup (2.2.1)
      rack (>= 3)
    rails-dom-testing (2.3.0)
      activesupport (>= 5.0.0)
      minitest
      nokogiri (>= 1.6)
    rails-html-sanitizer (1.6.2)
      loofah (~> 2.21)
      nokogiri (>= 1.15.7, != 1.16.7, != 1.16.6, != 1.16.5, != 1.16.4, != 1.16.3, != 1.16.2, != 1.16.1, != 1.16.0.rc1, != 1.16.0)
    railties (8.0.2)
      actionpack (= 8.0.2)
      activesupport (= 8.0.2)
      irb (~> 1.13)
      rackup (>= 1.0.0)
      rake (>= 12.2)
      thor (~> 1.0, >= 1.2.2)
      zeitwerk (~> 2.6)
    rake (13.3.0)
    rb-readline (0.5.5)
    rbtrace (0.5.2)
      ffi (>= 1.0.6)
      msgpack (>= 0.4.3)
      optimist (>= 3.0.0)
    rbtree3 (0.7.1)
    rdoc (6.14.1)
      erb
      psych (>= 4.0.0)
    reline (0.6.1)
      io-console (~> 0.5)
    roxml (4.2.0)
      activesupport (>= 4.0)
      nokogiri (>= 1.3.3)
    securerandom (0.4.1)
    sleepy_penguin (3.5.2)
    spring (4.3.0)
    sqlite3 (1.7.3-aarch64-linux)
    sqlite3 (1.7.3-arm-linux)
    sqlite3 (1.7.3-arm64-darwin)
    sqlite3 (1.7.3-x86-linux)
    sqlite3 (1.7.3-x86_64-darwin)
    sqlite3 (1.7.3-x86_64-linux)
    stringio (3.1.7)
    structured_warnings (0.5.0)
    thor (1.3.2)
    timeout (0.4.3)
    tiny_tds (3.2.1)
      bigdecimal (~> 3)
    tiny_tds (3.2.1-aarch64-linux-gnu)
      bigdecimal (~> 3)
    tiny_tds (3.2.1-aarch64-linux-musl)
      bigdecimal (~> 3)
    tiny_tds (3.2.1-x86_64-linux-gnu)
      bigdecimal (~> 3)
    tiny_tds (3.2.1-x86_64-linux-musl)
      bigdecimal (~> 3)
    ttfunk (1.8.0)
      bigdecimal (~> 3.1)
    tzinfo (2.0.6)
      concurrent-ruby (~> 1.0)
    uber (0.0.15)
    unindent (1.0)
    uri (1.0.3)
    useragent (0.16.11)
    uuidtools (3.0.0)
    zeitwerk (2.7.3)

PLATFORMS
  aarch64-linux
  aarch64-linux-gnu
  aarch64-linux-musl
  arm-linux
  arm-linux-gnu
  arm-linux-musl
  arm64-darwin
  x86-linux
  x86-linux-gnu
  x86-linux-musl
  x86_64-darwin
  x86_64-linux
  x86_64-linux-musl

DEPENDENCIES
  acao_hel!
  acao_heltog!
  acao_maindb_models!
  acao_models!
  actionpack (~> 8.0.0)
  actionview (~> 8.0.0)
  active_rest (~> 10.0)!
  activemodel (~> 8.0.0)
  activerecord (~> 8.0.0)
  activerecord-sqlserver-adapter (~> 8.0)
  activesupport (~> 8.0.0)
  airbrake
  am-auth-manager!
  am-http!
  am-satispay!
  am-smtp!
  am-ssh!
  am-vos!
  am-ws!
  amazing_print
  amqp_ws_gw!
  byebug
  ca_hel!
  ca_models!
  concurrent-ruby (= 1.3.4)
  core_hel!
  core_heltog!
  core_models!
  geocoder
  hel!
  hel_together (~> 2.0)!
  i18n_hel!
  i18n_models!
  iarray!
  json_exceptions!
  mail
  matrix
  ml_hel!
  ml_heltog!
  ml_models!
  net-ldap
  nisse_hel!
  pg
  phone
  prawn
  prawn-table
  pry
  pry-rails
  puma
  rails_active_rest (~> 1.0)!
  rails_actor_model!
  rails_amqp!
  rails_vos!
  railties (~> 8.0.0)
  rb-readline
  rbtrace
  spring
  streaming_hel!
  streaming_models!
  tiny_tds
  vihai-password (>= 1.2.0)!
  vihai-password-rails!
  ygg-diffable!

BUNDLED WITH
   2.6.9
