GIT
  remote: https://github.com/rails-sqlserver/activerecord-sqlserver-adapter.git
  revision: bfc887b60d90cf0279dc1e4872ab4f3fae2a3577
  specs:
    activerecord-sqlserver-adapter (5.2.0)
      activerecord (~> 5.2.0)
      tiny_tds

PATH
  remote: ../acao-plugins/acao_hel
  specs:
    acao_hel (1.0.0)

PATH
  remote: ../acao-plugins/acao_maindb_models
  specs:
    acao_maindb_models (1.0.0)

PATH
  remote: ../acao-plugins/acao_models
  specs:
    acao_models (1.0.0)
      am-satispay
      prawn
      roxml

PATH
  remote: ../acao-plugins/acao_onda_models
  specs:
    acao_onda_models (1.0.0)

PATH
  remote: ../acao-plugins/trk_hel
  specs:
    trk_hel (1.0.0)

PATH
  remote: ../acao-plugins/trk_models
  specs:
    trk_models (1.0.0)

PATH
  remote: ../yggdra/plugins/amqp_ws_gw
  specs:
    amqp_ws_gw (1.0.0)
      am-amqp (~> 1.3)
      websocket

PATH
  remote: ../yggdra/plugins/ca_hel
  specs:
    ca_hel (1.0.0)
      active_rest (>= 6.6.0)

PATH
  remote: ../yggdra/plugins/ca_models
  specs:
    ca_models (1.0.0)
      active_rest (>= 6.6.0)
      json-jwt (>= 1.9.4)

PATH
  remote: ../yggdra/plugins/core_hel
  specs:
    core_hel (1.0.0)
      active_rest (>= 6.6.0)

PATH
  remote: ../yggdra/plugins/core_heltog
  specs:
    core_heltog (0.0.1)

PATH
  remote: ../yggdra/plugins/core_models
  specs:
    core_models (1.0.0)
      active_rest (>= 7.0.0)
      am-amqp
      deep_open_struct
      geocoder
      hooks
      pg_search
      uuidtools
      vihai-password-rails

PATH
  remote: ../yggdra/plugins/hel
  specs:
    hel (1.0.0)

PATH
  remote: ../yggdra/plugins/i18n_hel
  specs:
    i18n_hel (1.0.0)
      active_rest (>= 6.6.0)

PATH
  remote: ../yggdra/plugins/i18n_models
  specs:
    i18n_models (1.0.0)
      active_rest (>= 6.6.0)

PATH
  remote: ../yggdra/plugins/ml_hel
  specs:
    ml_hel (1.0.0)
      active_rest (>= 6.6.0)

PATH
  remote: ../yggdra/plugins/ml_heltog
  specs:
    ml_heltog (1.0.0)

PATH
  remote: ../yggdra/plugins/ml_models
  specs:
    ml_models (1.0.0)
      active_rest (>= 6.6.0)
      am-http
      am-smtp
      dkim
      mail

PATH
  remote: ../yggdra/plugins/nisse_hel
  specs:
    nisse_hel (1.0.0)

PATH
  remote: ../yggdra/plugins/streaming_hel
  specs:
    streaming_hel (1.0.0)

PATH
  remote: ../yggdra/plugins/streaming_models
  specs:
    streaming_models (1.0.0)

GEM
  remote: https://rubygems.org/
  remote: https://gems.sevio.it/
  specs:
    actioncable (5.2.2)
      actionpack (= 5.2.2)
      nio4r (~> 2.0)
      websocket-driver (>= 0.6.1)
    actionmailer (5.2.2)
      actionpack (= 5.2.2)
      actionview (= 5.2.2)
      activejob (= 5.2.2)
      mail (~> 2.5, >= 2.5.4)
      rails-dom-testing (~> 2.0)
    actionpack (5.2.2)
      actionview (= 5.2.2)
      activesupport (= 5.2.2)
      rack (~> 2.0)
      rack-test (>= 0.6.3)
      rails-dom-testing (~> 2.0)
      rails-html-sanitizer (~> 1.0, >= 1.0.2)
    actionview (5.2.2)
      activesupport (= 5.2.2)
      builder (~> 3.1)
      erubi (~> 1.4)
      rails-dom-testing (~> 2.0)
      rails-html-sanitizer (~> 1.0, >= 1.0.3)
    active_rest (10.0.13)
      activerecord
      rubytree
      ygg-exception
    activejob (5.2.2)
      activesupport (= 5.2.2)
      globalid (>= 0.3.6)
    activemodel (5.2.2)
      activesupport (= 5.2.2)
    activerecord (5.2.2)
      activemodel (= 5.2.2)
      activesupport (= 5.2.2)
      arel (>= 9.0)
    activestorage (5.2.2)
      actionpack (= 5.2.2)
      activerecord (= 5.2.2)
      marcel (~> 0.3.1)
    activesupport (5.2.2)
      concurrent-ruby (~> 1.0, >= 1.0.2)
      i18n (>= 0.7, < 2)
      minitest (~> 5.1)
      tzinfo (~> 1.1)
    actor_model (1.8.1)
      activesupport
      sleepy_penguin
      ygg-exception
    address_selector (0.0.7)
    aes_key_wrap (1.0.1)
    airbrake (7.4.0)
      airbrake-ruby (~> 2.12)
    airbrake-ruby (2.12.0)
    am-amqp (1.5.7)
      actor_model (~> 1.6)
      address_selector
      amq-protocol
      awesome_print
      vihai_io_buffer
    am-http (0.7.8)
      actor_model (~> 1.6)
      address_selector
      awesome_print
      openssl
      sqlite3
      vihai_io_buffer
    am-satispay (0.1.0)
      activesupport
      am-http (~> 0.7)
    am-smtp (1.1.1)
      actor_model (~> 1.6)
      address_selector
      vihai_io_buffer
    amq-protocol (2.3.0)
    arel (9.0.0)
    awesome_print (1.8.0)
    bindata (2.4.4)
    builder (3.2.3)
    byebug (10.0.2)
    coderay (1.1.2)
    colorize (0.8.1)
    concurrent-ruby (1.1.4)
    crass (1.0.4)
    deep_open_struct (1.0.5)
    dkim (1.0.1)
    erubi (1.8.0)
    ffi (1.10.0)
    geocoder (1.5.0)
    globalid (0.4.1)
      activesupport (>= 4.2.0)
    hel_together (1.4.6)
      rack (>= 1.5.2)
      ygg_agent (~> 2.9)
    hooks (0.4.1)
      uber (~> 0.0.14)
    i18n (1.5.1)
      concurrent-ruby (~> 1.0)
    json (2.1.0)
    json-jwt (1.10.0)
      activesupport (>= 4.2)
      aes_key_wrap
      bindata
    json_exceptions (0.0.2)
      ygg-exception
    loofah (2.2.3)
      crass (~> 1.0.2)
      nokogiri (>= 1.5.9)
    mail (2.7.1)
      mini_mime (>= 0.1.1)
    marcel (0.3.3)
      mimemagic (~> 0.3.2)
    method_source (0.9.2)
    mimemagic (0.3.3)
    mini_mime (1.0.1)
    mini_portile2 (2.4.0)
    minitest (5.11.3)
    net-ldap (0.16.1)
    nio4r (2.3.1)
    nokogiri (1.10.0)
      mini_portile2 (~> 2.4.0)
    openssl (2.1.2)
    pdf-core (0.7.0)
    pg (1.1.3)
    pg_search (2.1.3)
      activerecord (>= 4.2)
      activesupport (>= 4.2)
      arel (>= 6)
    phone (1.2.3)
    prawn (2.2.2)
      pdf-core (~> 0.7.0)
      ttfunk (~> 1.5)
    pry (0.12.2)
      coderay (~> 1.1.0)
      method_source (~> 0.9.0)
    pry-rails (0.3.9)
      pry (>= 0.10.4)
    puma (3.12.0)
    puma-plugin-systemd (0.1.3)
      json
      puma (~> 3.6)
    rack (2.0.6)
    rack-test (1.1.0)
      rack (>= 1.0, < 3)
    rails (5.2.2)
      actioncable (= 5.2.2)
      actionmailer (= 5.2.2)
      actionpack (= 5.2.2)
      actionview (= 5.2.2)
      activejob (= 5.2.2)
      activemodel (= 5.2.2)
      activerecord (= 5.2.2)
      activestorage (= 5.2.2)
      activesupport (= 5.2.2)
      bundler (>= 1.3.0)
      railties (= 5.2.2)
      sprockets-rails (>= 2.0.0)
    rails-dom-testing (2.0.3)
      activesupport (>= 4.2.0)
      nokogiri (>= 1.6)
    rails-html-sanitizer (1.0.4)
      loofah (~> 2.2, >= 2.2.2)
    rails_active_rest (1.0.5)
      active_rest
      ygg-exception
    rails_actor_model (1.0.0)
      actor_model (~> 1.4)
      colorize
    rails_amqp (1.0.0)
      am-amqp (>= 1.3)
    railties (5.2.2)
      actionpack (= 5.2.2)
      activesupport (= 5.2.2)
      method_source
      rake (>= 0.8.7)
      thor (>= 0.19.0, < 2.0)
    rake (12.3.2)
    roxml (4.0.0)
      activesupport (>= 4.0)
      nokogiri (>= 1.3.3)
    rubytree (100.9.7)
      json
      structured_warnings (~> 0.2)
    sleepy_penguin (3.5.1)
    spring (2.0.2)
      activesupport (>= 4.2)
    sprockets (3.7.2)
      concurrent-ruby (~> 1.0)
      rack (> 1, < 3)
    sprockets-rails (3.2.1)
      actionpack (>= 4.0)
      activesupport (>= 4.0)
      sprockets (>= 3.0.0)
    sqlite3 (1.3.13)
    structured_warnings (0.3.0)
    thor (0.20.3)
    thread_safe (0.3.6)
    tiny_tds (2.1.2)
    ttfunk (1.5.1)
    tzinfo (1.2.5)
      thread_safe (~> 0.1)
    uber (0.0.15)
    unindent (1.0)
    uuidtools (2.1.5)
    vihai-password (1.4.4)
      ffi
    vihai-password-rails (1.0.0)
      vihai-password
    vihai_io_buffer (0.0.3)
    websocket (1.2.8)
    websocket-driver (0.7.0)
      websocket-extensions (>= 0.1.0)
    websocket-extensions (0.1.3)
    ygg-exception (0.0.16)
    ygg_agent (2.10.10)
      am-amqp (~> 1.4)
      ygg-exception (~> 0.0)
      ygg_app (~> 1.7)
    ygg_app (1.8.3)
      actor_model (~> 1.6)
      airbrake-ruby
      awesome_print
      colorize (>= 0.7.3)
      deep_open_struct
      ffi (>= 1.9.0)
      pry
      unindent
      vihai_io_buffer
      ygg-exception

PLATFORMS
  ruby

DEPENDENCIES
  acao_hel!
  acao_maindb_models!
  acao_models!
  acao_onda_models!
  active_rest (~> 10.0)!
  activerecord-sqlserver-adapter!
  airbrake
  am-http!
  amqp_ws_gw!
  awesome_print
  byebug
  ca_hel!
  ca_models!
  core_hel!
  core_heltog!
  core_models!
  geocoder
  hel!
  hel_together (~> 1.3)
  i18n_hel!
  i18n_models!
  json_exceptions!
  mail
  ml_hel!
  ml_heltog!
  ml_models!
  net-ldap
  nisse_hel!
  pg
  phone
  prawn
  pry
  pry-rails
  puma
  puma-plugin-systemd!
  rails (~> 5.2.0)
  rails_active_rest (~> 1.0)!
  rails_actor_model!
  rails_amqp!
  spring
  streaming_hel!
  streaming_models!
  tiny_tds
  trk_hel!
  trk_models!
  vihai-password (>= 1.2.0)!
  vihai-password-rails!

BUNDLED WITH
   1.17.2
