GIT
  remote: https://github.com/rails-sqlserver/activerecord-sqlserver-adapter.git
  revision: f5861b72594862f682689d677722354238bc9029
  specs:
    activerecord-sqlserver-adapter (6.0.0.rc2)
      activerecord (~> 6.0.0)
      tiny_tds

PATH
  remote: ../acao-plugins/acao_hel
  specs:
    acao_hel (1.0.0)

PATH
  remote: ../acao-plugins/acao_maindb_models
  specs:
    acao_maindb_models (1.0.0)

PATH
  remote: ../acao-plugins/acao_models
  specs:
    acao_models (1.0.0)
      am-satispay
      prawn
      roxml

PATH
  remote: ../acao-plugins/acao_onda_models
  specs:
    acao_onda_models (1.0.0)

PATH
  remote: ../acao-plugins/trk_hel
  specs:
    trk_hel (1.0.0)

PATH
  remote: ../acao-plugins/trk_models
  specs:
    trk_models (1.0.0)

PATH
  remote: ../yggdra/plugins/amqp_ws_gw
  specs:
    amqp_ws_gw (1.0.0)
      am-amqp (~> 2.0)
      am-ws

PATH
  remote: ../yggdra/plugins/ca_hel
  specs:
    ca_hel (1.0.0)
      active_rest (>= 6.6.0)

PATH
  remote: ../yggdra/plugins/ca_models
  specs:
    ca_models (1.0.0)
      active_rest (>= 6.6.0)
      json-jwt (>= 1.9.4)

PATH
  remote: ../yggdra/plugins/core_hel
  specs:
    core_hel (1.0.0)
      active_rest (>= 6.6.0)

PATH
  remote: ../yggdra/plugins/core_heltog
  specs:
    core_heltog (0.0.1)

PATH
  remote: ../yggdra/plugins/core_models
  specs:
    core_models (1.0.0)
      active_rest (>= 7.0.0)
      am-amqp
      deep_open_struct
      geocoder
      hooks
      pg_search
      uuidtools
      vihai-password-rails

PATH
  remote: ../yggdra/plugins/hel
  specs:
    hel (1.0.0)

PATH
  remote: ../yggdra/plugins/i18n_hel
  specs:
    i18n_hel (1.0.0)
      active_rest (>= 6.6.0)

PATH
  remote: ../yggdra/plugins/i18n_models
  specs:
    i18n_models (1.0.0)
      active_rest (>= 6.6.0)

PATH
  remote: ../yggdra/plugins/ml_hel
  specs:
    ml_hel (1.0.0)
      active_rest (>= 6.6.0)

PATH
  remote: ../yggdra/plugins/ml_heltog
  specs:
    ml_heltog (1.0.0)

PATH
  remote: ../yggdra/plugins/ml_models
  specs:
    ml_models (1.0.0)
      active_rest (>= 6.6.0)
      am-http
      am-smtp
      dkim
      mail

PATH
  remote: ../yggdra/plugins/nisse_hel
  specs:
    nisse_hel (1.0.0)

PATH
  remote: ../yggdra/plugins/streaming_hel
  specs:
    streaming_hel (1.0.0)

PATH
  remote: ../yggdra/plugins/streaming_models
  specs:
    streaming_models (1.0.0)

GEM
  remote: https://rubygems.org/
  remote: https://gems.sevio.it/
  specs:
    actionpack (6.0.3.1)
      actionview (= 6.0.3.1)
      activesupport (= 6.0.3.1)
      rack (~> 2.0, >= 2.0.8)
      rack-test (>= 0.6.3)
      rails-dom-testing (~> 2.0)
      rails-html-sanitizer (~> 1.0, >= 1.2.0)
    actionview (6.0.3.1)
      activesupport (= 6.0.3.1)
      builder (~> 3.1)
      erubi (~> 1.4)
      rails-dom-testing (~> 2.0)
      rails-html-sanitizer (~> 1.1, >= 1.2.0)
    active_rest (10.0.19)
      activerecord
      bigdecimal
      etc
      rubytree
      ygg-exception
    activemodel (6.0.3.1)
      activesupport (= 6.0.3.1)
    activerecord (6.0.3.1)
      activemodel (= 6.0.3.1)
      activesupport (= 6.0.3.1)
    activesupport (6.0.3.1)
      concurrent-ruby (~> 1.0, >= 1.0.2)
      i18n (>= 0.7, < 2)
      minitest (~> 5.1)
      tzinfo (~> 1.1)
      zeitwerk (~> 2.2, >= 2.2.2)
    actor_model (1.11.0)
      activesupport
      etc
      sleepy_penguin
      ygg-exception
    address_selector (1.0.3)
      actor_model
    addressable (2.7.0)
      public_suffix (>= 2.0.2, < 5.0)
    aes_key_wrap (1.0.1)
    airbrake (10.0.4)
      airbrake-ruby (~> 4.13)
    airbrake-ruby (4.14.1)
      rbtree3 (~> 0.5)
    am-amqp (2.0.3)
      actor_model
      am-sockets
      amazing_print
      rubynary
    am-http (0.18.2)
      actor_model (~> 1.6)
      address_selector (~> 1.0)
      addressable
      am-sockets
      sqlite3
      vihai_io_buffer
    am-satispay (0.1.0)
      activesupport
      am-http (~> 0.7)
    am-smtp (1.4.1)
      actor_model (~> 1.6)
      am-sockets
    am-sockets (0.4.8)
      actor_model
      address_selector (~> 1.0)
      vihai_io_buffer (~> 0.2)
      ygg-exception
    am-ws (0.1.2)
      actor_model (~> 1.6)
      am-http
      vihai_io_buffer
    amazing_print (1.1.0)
    bigdecimal (2.0.0)
    bindata (2.4.7)
    builder (3.2.4)
    byebug (11.1.3)
    coderay (1.1.3)
    colorize (0.8.1)
    concurrent-ruby (1.1.6)
    crass (1.0.6)
    deep_open_struct (1.1.0)
    dkim (1.0.1)
    erubi (1.9.0)
    etc (1.1.0)
    ffi (1.13.0)
    geocoder (1.6.3)
    hel_together (1.5.1)
      rack (>= 1.5.2)
      ygg_agent (~> 2.9)
    hooks (0.4.1)
      uber (~> 0.0.14)
    i18n (1.8.2)
      concurrent-ruby (~> 1.0)
    json (2.3.0)
    json-jwt (1.13.0)
      activesupport (>= 4.2)
      aes_key_wrap
      bindata
    json_exceptions (0.0.3)
      ygg-exception
    loofah (2.5.0)
      crass (~> 1.0.2)
      nokogiri (>= 1.5.9)
    mail (2.7.1)
      mini_mime (>= 0.1.1)
    method_source (1.0.0)
    mini_mime (1.0.2)
    mini_portile2 (2.4.0)
    minitest (5.14.1)
    net-ldap (0.16.2)
    nokogiri (1.10.9)
      mini_portile2 (~> 2.4.0)
    pdf-core (0.7.0)
    pg (1.2.3)
    pg_search (2.3.2)
      activerecord (>= 5.2)
      activesupport (>= 5.2)
    phone (1.2.3)
    prawn (2.2.2)
      pdf-core (~> 0.7.0)
      ttfunk (~> 1.5)
    prawn-table (0.2.2)
      prawn (>= 1.3.0, < 3.0.0)
    pry (0.13.1)
      coderay (~> 1.1)
      method_source (~> 1.0)
    pry-rails (0.3.9)
      pry (>= 0.10.4)
    public_suffix (4.0.5)
    puma (3.12.6)
    puma-plugin-systemd (0.1.3)
      json
      puma (~> 3.6)
    rack (2.2.2)
    rack-test (1.1.0)
      rack (>= 1.0, < 3)
    rails-dom-testing (2.0.3)
      activesupport (>= 4.2.0)
      nokogiri (>= 1.6)
    rails-html-sanitizer (1.3.0)
      loofah (~> 2.3)
    rails_active_rest (1.0.9)
      active_rest
      ygg-exception
    rails_actor_model (1.0.0)
      actor_model (~> 1.4)
      colorize
    rails_amqp (1.0.4)
      am-amqp (~> 2.0)
    railties (6.0.3.1)
      actionpack (= 6.0.3.1)
      activesupport (= 6.0.3.1)
      method_source
      rake (>= 0.8.7)
      thor (>= 0.20.3, < 2.0)
    rake (13.0.1)
    rbtree3 (0.6.0)
    roxml (4.0.0)
      activesupport (>= 4.0)
      nokogiri (>= 1.3.3)
    rubynary (0.3.16)
      activesupport
      bigdecimal
      json
    rubytree (100.9.8)
      json
      structured_warnings (~> 0.2)
    sleepy_penguin (3.5.2)
    spring (2.1.0)
    sqlite3 (1.4.2)
    structured_warnings (0.4.0)
    thor (1.0.1)
    thread_safe (0.3.6)
    tiny_tds (2.1.2)
    ttfunk (1.6.2.1)
    tzinfo (1.2.7)
      thread_safe (~> 0.1)
    uber (0.0.15)
    unindent (1.0)
    uuidtools (2.1.5)
    vihai-password (2.0.0)
      ffi
    vihai-password-rails (1.0.1)
      vihai-password
    vihai_io_buffer (0.3.0)
    ygg-exception (0.0.21)
    ygg_agent (2.11.2)
      activesupport
      am-amqp (~> 2.0)
      bigdecimal
      json
      ygg-exception (~> 0.0)
      ygg_app (~> 1.7)
    ygg_app (1.8.18)
      actor_model
      airbrake-ruby
      amazing_print
      colorize (>= 0.7.3)
      deep_open_struct
      etc
      ffi (>= 1.9.0)
      json
      pry
      unindent
      vihai_io_buffer
      ygg-exception
    zeitwerk (2.3.0)

PLATFORMS
  ruby

DEPENDENCIES
  acao_hel!
  acao_maindb_models!
  acao_models!
  acao_onda_models!
  actionpack (~> 6.0.0)
  actionview (~> 6.0.0)
  active_rest (~> 10.0)!
  activemodel (~> 6.0.0)
  activerecord (~> 6.0.0)
  activerecord-sqlserver-adapter!
  activesupport (~> 6.0.0)
  airbrake
  am-http!
  amazing_print
  amqp_ws_gw!
  byebug
  ca_hel!
  ca_models!
  core_hel!
  core_heltog!
  core_models!
  geocoder
  hel!
  hel_together (~> 1.3)
  i18n_hel!
  i18n_models!
  json_exceptions!
  mail
  ml_hel!
  ml_heltog!
  ml_models!
  net-ldap
  nisse_hel!
  pg
  phone
  prawn
  prawn-table
  pry
  pry-rails
  puma
  puma-plugin-systemd!
  rails_active_rest (~> 1.0)!
  rails_actor_model!
  rails_amqp!
  railties (~> 6.0.0)
  spring
  streaming_hel!
  streaming_models!
  tiny_tds
  trk_hel!
  trk_models!
  vihai-password (>= 1.2.0)!
  vihai-password-rails!

BUNDLED WITH
   2.1.4
