PATH
  remote: plugins/acao_hel
  specs:
    acao_hel (1.0.0)

PATH
  remote: plugins/acao_heltog
  specs:
    acao_heltog (1.0.0)

PATH
  remote: plugins/acao_maindb_models
  specs:
    acao_maindb_models (1.0.0)

PATH
  remote: plugins/acao_models
  specs:
    acao_models (1.0.0)
      am-satispay
      prawn
      roxml

PATH
  remote: plugins/acao_onda_models
  specs:
    acao_onda_models (1.0.0)

PATH
  remote: plugins/amqp_ws_gw
  specs:
    amqp_ws_gw (1.0.0)
      am-amqp (~> 2.0)
      am-ws
      ygg-diffable

PATH
  remote: plugins/ca_hel
  specs:
    ca_hel (1.0.0)
      active_rest (>= 6.6.0)

PATH
  remote: plugins/ca_models
  specs:
    ca_models (1.0.0)
      active_rest (>= 6.6.0)
      json-jwt (>= 1.9.4)

PATH
  remote: plugins/core_hel
  specs:
    core_hel (1.0.0)
      active_rest (>= 6.6.0)

PATH
  remote: plugins/core_heltog
  specs:
    core_heltog (0.0.1)

PATH
  remote: plugins/core_models
  specs:
    core_models (1.0.0)
      active_rest (>= 7.0.0)
      am-amqp
      deep_open_struct
      geocoder
      hooks
      pg_search
      uuidtools
      vihai-password-rails

PATH
  remote: plugins/hel
  specs:
    hel (1.0.0)

PATH
  remote: plugins/i18n_hel
  specs:
    i18n_hel (1.0.0)
      active_rest (>= 6.6.0)

PATH
  remote: plugins/i18n_models
  specs:
    i18n_models (1.0.0)
      active_rest (>= 6.6.0)

PATH
  remote: plugins/ml_hel
  specs:
    ml_hel (1.0.0)
      active_rest (>= 6.6.0)

PATH
  remote: plugins/ml_heltog
  specs:
    ml_heltog (1.0.0)

PATH
  remote: plugins/ml_models
  specs:
    ml_models (1.0.0)
      active_rest (>= 6.6.0)
      am-http
      am-smtp
      dkim
      mail

PATH
  remote: plugins/nisse_hel
  specs:
    nisse_hel (1.0.0)

PATH
  remote: plugins/streaming_hel
  specs:
    streaming_hel (1.0.0)

PATH
  remote: plugins/streaming_models
  specs:
    streaming_models (1.0.0)

GEM
  remote: https://gems.vihai.it/
  specs:
    active_rest (10.0.27)
      activerecord
      rubytree
      ygg-exception
    actor_model (1.26.1)
      activesupport
      sleepy_penguin
      ygg-exception
    am-amqp (2.3.3)
      actor_model
      am-sockets (~> 0.17)
      amazing_print
      rubynary
    am-http (0.30.4)
      actor_model (~> 1.6)
      addressable
      am-sockets (~> 0.17)
      sqlite3
    am-io-buffer (0.4.0)
    am-satispay (0.1.0)
      activesupport
      am-http (~> 0.7)
    am-smtp (1.8.2)
      actor_model (~> 1.6)
      am-io-buffer
      am-sockets (~> 0.17)
    am-sockets (0.21.0)
      actor_model
      am-io-buffer
      netbin
      ygg-exception
      ynetaddr
    am-ssh (1.17.2)
      actor_model
      am-io-buffer (>= 0.4)
      am-sockets (~> 0.18)
      amazing_print
      rubynary
      ygg-exception
    am-ws (1.7.1)
      actor_model (~> 1.6)
      am-http
      am-io-buffer
      am-sockets (>= 0.18)
    deep_open_struct (2.0.2)
    hel_together (1.6.1)
      rack (>= 1.5.2)
      ygg_agent (~> 2.9)
    json_exceptions (0.0.3)
      ygg-exception
    netbin (0.5.0)
      rubynary
      ynetaddr
    rails_active_rest (1.0.9)
      active_rest
      ygg-exception
    rails_actor_model (1.0.1)
      actor_model (~> 1.4)
      colorize
    rails_amqp (1.0.5)
      am-amqp (~> 2.0)
    rubynary (0.9.0)
      activesupport
      bigdecimal
      json
    rubytree (100.9.8)
      json
      structured_warnings (~> 0.2)
    vihai-password (2.1.0)
      ffi
    vihai-password-rails (1.0.1)
      vihai-password
    ygg-diffable (0.5.2)
      activesupport
      bigdecimal
      json
    ygg-exception (0.4.0)
    ygg_agent (2.13.1)
      activesupport
      am-amqp (~> 2.0)
      ygg-exception (~> 0.0)
      ygg_app (~> 1.7)
    ygg_app (1.13.1)
      actor_model
      airbrake-ruby
      am-io-buffer
      amazing_print
      colorize (>= 0.7.3)
      deep_open_struct
      ffi (>= 1.9.0)
      pry (>= 0.14.1)
      unindent
      ygg-exception
    ynetaddr (1.17.0)

GEM
  remote: https://rubygems.org/
  specs:
    actionpack (6.1.7.6)
      actionview (= 6.1.7.6)
      activesupport (= 6.1.7.6)
      rack (~> 2.0, >= 2.0.9)
      rack-test (>= 0.6.3)
      rails-dom-testing (~> 2.0)
      rails-html-sanitizer (~> 1.0, >= 1.2.0)
    actionview (6.1.7.6)
      activesupport (= 6.1.7.6)
      builder (~> 3.1)
      erubi (~> 1.4)
      rails-dom-testing (~> 2.0)
      rails-html-sanitizer (~> 1.1, >= 1.2.0)
    activemodel (6.1.7.6)
      activesupport (= 6.1.7.6)
    activerecord (6.1.7.6)
      activemodel (= 6.1.7.6)
      activesupport (= 6.1.7.6)
    activerecord-sqlserver-adapter (6.1.2.1)
      activerecord (~> 6.1.0)
      tiny_tds
    activesupport (6.1.7.6)
      concurrent-ruby (~> 1.0, >= 1.0.2)
      i18n (>= 1.6, < 2)
      minitest (>= 5.1)
      tzinfo (~> 2.0)
      zeitwerk (~> 2.3)
    addressable (2.8.5)
      public_suffix (>= 2.0.2, < 6.0)
    aes_key_wrap (1.1.0)
    airbrake (13.0.4)
      airbrake-ruby (~> 6.0)
    airbrake-ruby (6.2.2)
      rbtree3 (~> 0.6)
    amazing_print (1.5.0)
    base64 (0.2.0)
    bigdecimal (3.1.4)
    bindata (2.4.15)
    builder (3.2.4)
    byebug (11.1.3)
    coderay (1.1.3)
    colorize (1.1.0)
    concurrent-ruby (1.2.2)
    crass (1.0.6)
    date (3.3.4)
    dkim (1.1.0)
    erubi (1.12.0)
    faraday (2.7.12)
      base64
      faraday-net_http (>= 2.0, < 3.1)
      ruby2_keywords (>= 0.0.4)
    faraday-follow_redirects (0.3.0)
      faraday (>= 1, < 3)
    faraday-net_http (3.0.2)
    ffi (1.16.3)
    geocoder (1.8.2)
    hooks (0.4.1)
      uber (~> 0.0.14)
    i18n (1.14.1)
      concurrent-ruby (~> 1.0)
    json (2.7.1)
    json-jwt (1.16.3)
      activesupport (>= 4.2)
      aes_key_wrap
      bindata
      faraday (~> 2.0)
      faraday-follow_redirects
    loofah (2.22.0)
      crass (~> 1.0.2)
      nokogiri (>= 1.12.0)
    mail (2.8.1)
      mini_mime (>= 0.1.1)
      net-imap
      net-pop
      net-smtp
    matrix (0.4.2)
    method_source (1.0.0)
    mini_mime (1.1.5)
    minitest (5.20.0)
    net-imap (0.4.7)
      date
      net-protocol
    net-ldap (0.18.0)
    net-pop (0.1.2)
      net-protocol
    net-protocol (0.2.2)
      timeout
    net-smtp (0.4.0)
      net-protocol
    nio4r (2.7.0)
    nokogiri (1.15.5-x86_64-linux)
      racc (~> 1.4)
    pdf-core (0.9.0)
    pg (1.5.4)
    pg_search (2.3.6)
      activerecord (>= 5.2)
      activesupport (>= 5.2)
    phone (1.2.3)
    prawn (2.4.0)
      pdf-core (~> 0.9.0)
      ttfunk (~> 1.7)
    prawn-table (0.2.2)
      prawn (>= 1.3.0, < 3.0.0)
    pry (0.14.2)
      coderay (~> 1.1)
      method_source (~> 1.0)
    pry-rails (0.3.9)
      pry (>= 0.10.4)
    public_suffix (5.0.4)
    puma (4.3.12)
      nio4r (~> 2.0)
    puma-plugin-systemd (0.1.5)
      json
      puma (>= 3.6, < 5)
    racc (1.7.3)
    rack (2.2.8)
    rack-test (2.1.0)
      rack (>= 1.3)
    rails-dom-testing (2.2.0)
      activesupport (>= 5.0.0)
      minitest
      nokogiri (>= 1.6)
    rails-html-sanitizer (1.6.0)
      loofah (~> 2.21)
      nokogiri (~> 1.14)
    railties (6.1.7.6)
      actionpack (= 6.1.7.6)
      activesupport (= 6.1.7.6)
      method_source
      rake (>= 12.2)
      thor (~> 1.0)
    rake (13.1.0)
    rb-readline (0.5.5)
    rbtree3 (0.7.1)
    roxml (4.2.0)
      activesupport (>= 4.0)
      nokogiri (>= 1.3.3)
    ruby2_keywords (0.0.5)
    sleepy_penguin (3.5.2)
    spring (4.1.3)
    sqlite3 (1.6.9-x86_64-linux)
    structured_warnings (0.4.0)
    thor (1.3.0)
    timeout (0.4.1)
    tiny_tds (2.1.6)
    ttfunk (1.7.0)
    tzinfo (2.0.6)
      concurrent-ruby (~> 1.0)
    uber (0.0.15)
    unindent (1.0)
    uuidtools (2.2.0)
    zeitwerk (2.6.12)

PLATFORMS
  x86_64-linux

DEPENDENCIES
  acao_hel!
  acao_heltog!
  acao_maindb_models!
  acao_models!
  acao_onda_models!
  actionpack (~> 6.1.0)
  actionview (~> 6.1.0)
  active_rest (~> 10.0)!
  activemodel (~> 6.1.0)
  activerecord (~> 6.1.0)
  activerecord-sqlserver-adapter (~> 6.1.2.1)
  activesupport (~> 6.1.0)
  airbrake
  am-http!
  am-satispay!
  am-smtp!
  am-ssh!
  am-ws!
  amazing_print
  amqp_ws_gw!
  byebug
  ca_hel!
  ca_models!
  core_hel!
  core_heltog!
  core_models!
  geocoder
  hel!
  hel_together (~> 1.6.1)!
  i18n_hel!
  i18n_models!
  json_exceptions!
  mail
  matrix
  ml_hel!
  ml_heltog!
  ml_models!
  net-ldap
  nisse_hel!
  pg
  phone
  prawn
  prawn-table
  pry
  pry-rails
  puma
  puma-plugin-systemd
  rails_active_rest (~> 1.0)!
  rails_actor_model!
  rails_amqp!
  railties (~> 6.1.0)
  rb-readline
  spring
  streaming_hel!
  streaming_models!
  tiny_tds
  vihai-password (>= 1.2.0)!
  vihai-password-rails!
  ygg-diffable!

BUNDLED WITH
   2.4.22
