GIT
  remote: https://github.com/activerecord-hackery/squeel.git
  revision: 5542266d502db8022e14105f9dfb455a79d6fc4a
  specs:
    squeel (1.2.3)
      activerecord (>= 3.0)
      activesupport (>= 3.0)
      polyamorous (~> 1.1.0)

GIT
  remote: https://github.com/rails-sqlserver/tiny_tds.git
  revision: 83e440450ef27d9abe0eb65de1375715717fffc2
  specs:
    tiny_tds (1.0.0.beta1)
      mini_portile (= 0.6.2)

PATH
  remote: ../yggdra/plugins/autosvg
  specs:
    autosvg (0.0.1)

PATH
  remote: ../yggdra/plugins/core_extgui
  specs:
    core_extgui (1.0.0)
      yggdra_plugins

PATH
  remote: ../yggdra/plugins/core_hel
  specs:
    core_hel (1.0.0)
      active_rest (>= 6.6.0)
      yggdra_plugins

PATH
  remote: ../yggdra/plugins/core_models
  specs:
    core_models (1.0.0)
      active_rest (>= 5.1.0)
      bunny
      deep_open_struct
      geocoder
      hooks
      state_machine
      uuidtools
      vihai-password-rails
      yggdra_plugins

PATH
  remote: ../yggdra/plugins/extgui
  specs:
    extgui (1.0.0)

PATH
  remote: ../yggdra/plugins/extjs
  specs:
    extjs (4.2.1.0)

PATH
  remote: ../yggdra/plugins/fullgui
  specs:
    fullgui (1.0.0)

PATH
  remote: ../yggdra/plugins/hel
  specs:
    hel (1.0.0)

PATH
  remote: ../yggdra/plugins/json_exceptions
  specs:
    json_exceptions (0.0.1)

PATH
  remote: ../yggdra/plugins/shop_extgui
  specs:
    shop_extgui (1.0.0)
      yggdra_plugins

PATH
  remote: ../yggdra/plugins/shop_hel
  specs:
    shop_hel (1.0.0)
      active_rest (>= 6.6.0)
      yggdra_plugins

PATH
  remote: ../yggdra/plugins/shop_models
  specs:
    shop_models (1.0.0)
      active_rest (>= 6.6.0)
      state_machine
      yggdra_plugins

PATH
  remote: ../yggdra/plugins/vihai_password_rails
  specs:
    vihai-password-rails (1.0.0)
      vihai-password

PATH
  remote: ../yggdra/plugins/yggdra_plugins
  specs:
    yggdra_plugins (1.0.0)

GEM
  remote: https://rubygems.org/
  remote: http://gems.intercom.it/
  specs:
    actionmailer (4.2.4)
      actionpack (= 4.2.4)
      actionview (= 4.2.4)
      activejob (= 4.2.4)
      mail (~> 2.5, >= 2.5.4)
      rails-dom-testing (~> 1.0, >= 1.0.5)
    actionpack (4.2.4)
      actionview (= 4.2.4)
      activesupport (= 4.2.4)
      rack (~> 1.6)
      rack-test (~> 0.6.2)
      rails-dom-testing (~> 1.0, >= 1.0.5)
      rails-html-sanitizer (~> 1.0, >= 1.0.2)
    actionview (4.2.4)
      activesupport (= 4.2.4)
      builder (~> 3.1)
      erubis (~> 2.7.0)
      rails-dom-testing (~> 1.0, >= 1.0.5)
      rails-html-sanitizer (~> 1.0, >= 1.0.2)
    active_rest (6.9.3)
      squeel
    activejob (4.2.4)
      activesupport (= 4.2.4)
      globalid (>= 0.3.0)
    activemodel (4.2.4)
      activesupport (= 4.2.4)
      builder (~> 3.1)
    activerecord (4.2.4)
      activemodel (= 4.2.4)
      activesupport (= 4.2.4)
      arel (~> 6.0)
    activerecord-sqlserver-adapter (4.2.4)
      activerecord (~> 4.2.1)
    activesupport (4.2.4)
      i18n (~> 0.7)
      json (~> 1.7, >= 1.7.7)
      minitest (~> 5.1)
      thread_safe (~> 0.3, >= 0.3.4)
      tzinfo (~> 1.1)
    amq-protocol (2.0.0)
    arel (6.0.3)
    awesome_print (1.6.1)
    binding_of_caller (0.7.2)
      debug_inspector (>= 0.0.1)
    builder (3.2.2)
    bunny (2.2.0)
      amq-protocol (>= 2.0.0)
    byebug (6.0.2)
    coderay (1.1.0)
    coffee-rails (4.1.0)
      coffee-script (>= 2.2.0)
      railties (>= 4.0.0, < 5.0)
    coffee-script (2.4.1)
      coffee-script-source
      execjs
    coffee-script-source (1.9.1.1)
    curb (0.8.8)
    debug_inspector (0.0.2)
    deep_open_struct (1.0.2)
    erubis (2.7.0)
    execjs (2.6.0)
    ffi (1.9.10)
    geocoder (1.2.12)
    globalid (0.3.6)
      activesupport (>= 4.1.0)
    hooks (0.4.1)
      uber (~> 0.0.14)
    i18n (0.7.0)
    jquery-rails (4.0.5)
      rails-dom-testing (~> 1.0)
      railties (>= 4.2.0)
      thor (>= 0.14, < 2.0)
    json (1.8.3)
    libv8 (3.16.14.13)
    loofah (2.0.3)
      nokogiri (>= 1.5.9)
    mail (2.6.3)
      mime-types (>= 1.16, < 3)
    method_source (0.8.2)
    mime-types (2.6.2)
    mini_portile (0.6.2)
    minitest (5.8.2)
    nokogiri (1.6.6.2)
      mini_portile (~> 0.6.0)
    pg (0.18.3)
    polyamorous (1.1.0)
      activerecord (>= 3.0)
    pry (0.10.3)
      coderay (~> 1.1.0)
      method_source (~> 0.8.1)
      slop (~> 3.4)
    pry-rails (0.3.4)
      pry (>= 0.9.10)
    puma (2.14.0)
    rack (1.6.4)
    rack-test (0.6.3)
      rack (>= 1.0)
    rails (4.2.4)
      actionmailer (= 4.2.4)
      actionpack (= 4.2.4)
      actionview (= 4.2.4)
      activejob (= 4.2.4)
      activemodel (= 4.2.4)
      activerecord (= 4.2.4)
      activesupport (= 4.2.4)
      bundler (>= 1.3.0, < 2.0)
      railties (= 4.2.4)
      sprockets-rails
    rails-deprecated_sanitizer (1.0.3)
      activesupport (>= 4.2.0.alpha)
    rails-dom-testing (1.0.7)
      activesupport (>= 4.2.0.beta, < 5.0)
      nokogiri (~> 1.6.0)
      rails-deprecated_sanitizer (>= 1.0.1)
    rails-html-sanitizer (1.0.2)
      loofah (~> 2.0)
    rails-observers (0.1.2)
      activemodel (~> 4.0)
    railties (4.2.4)
      actionpack (= 4.2.4)
      activesupport (= 4.2.4)
      rake (>= 0.8.7)
      thor (>= 0.18.1, < 2.0)
    rake (10.4.2)
    ref (2.0.0)
    responders (2.1.0)
      railties (>= 4.2.0, < 5)
    sass (3.4.19)
    sass-rails (5.0.4)
      railties (>= 4.0.0, < 5.0)
      sass (~> 3.1)
      sprockets (>= 2.8, < 4.0)
      sprockets-rails (>= 2.0, < 4.0)
      tilt (>= 1.1, < 3)
    slop (3.6.0)
    spring (1.4.0)
    sprockets (3.4.0)
      rack (> 1, < 3)
    sprockets-rails (2.3.3)
      actionpack (>= 3.0)
      activesupport (>= 3.0)
      sprockets (>= 2.8, < 4.0)
    state_machine (1.2.0)
    therubyracer (0.12.2)
      libv8 (~> 3.16.14.0)
      ref
    thor (0.19.1)
    thread_safe (0.3.5)
    tilt (2.0.1)
    tzinfo (1.2.2)
      thread_safe (~> 0.1)
    uber (0.0.15)
    uglifier (2.7.2)
      execjs (>= 0.3.0)
      json (>= 1.8.0)
    uuidtools (2.1.5)
    vihai-password (1.4.1)
      ffi
    web-console (2.2.1)
      activemodel (>= 4.0)
      binding_of_caller (>= 0.7.2)
      railties (>= 4.0)
      sprockets-rails (>= 2.0, < 4.0)

PLATFORMS
  ruby

DEPENDENCIES
  active_rest (~> 6.9.0)!
  activerecord-sqlserver-adapter
  autosvg!
  awesome_print
  byebug
  coffee-rails (~> 4.1.0)
  core_extgui!
  core_hel!
  core_models!
  curb
  extgui!
  extjs!
  fullgui!
  geocoder
  hel!
  jquery-rails
  json_exceptions!
  pg
  pry
  pry-rails
  puma
  rails (~> 4.2.0)
  rails-observers
  responders
  sass-rails (~> 5.0)
  shop_extgui!
  shop_hel!
  shop_models!
  spring
  squeel!
  state_machine
  therubyracer
  tiny_tds!
  uglifier (>= 1.3.0)
  vihai-password (>= 1.2.0)!
  vihai-password-rails!
  web-console (~> 2.0)
  yggdra_plugins!

BUNDLED WITH
   1.10.6
