GIT
  remote: https://github.com/rails-sqlserver/activerecord-sqlserver-adapter.git
  revision: ed8b1700e4404a529b59f55d6bd76397ee9df737
  specs:
    activerecord-sqlserver-adapter (5.1.6)
      activerecord (~> 5.1.0)
      tiny_tds

PATH
  remote: ../acao_plugins/acao_hel
  specs:
    acao_hel (1.0.0)

PATH
  remote: ../acao_plugins/acao_maindb_models
  specs:
    acao_maindb_models (1.0.0)

PATH
  remote: ../acao_plugins/acao_models
  specs:
    acao_models (1.0.0)
      am-satispay
      roxml

PATH
  remote: ../acao_plugins/acao_onda_models
  specs:
    acao_onda_models (1.0.0)

PATH
  remote: ../acao_plugins/trk_hel
  specs:
    trk_hel (1.0.0)

PATH
  remote: ../acao_plugins/trk_models
  specs:
    trk_models (1.0.0)

PATH
  remote: ../active_rest
  specs:
    active_rest (8.0.0)
      rubytree

PATH
  remote: ../yggdra/plugins/amqp_ws_gw
  specs:
    amqp_ws_gw (1.0.0)
      am-amqp (>= 1.3.0)
      websocket

PATH
  remote: ../yggdra/plugins/ca_hel
  specs:
    ca_hel (1.0.0)
      active_rest (>= 6.6.0)

PATH
  remote: ../yggdra/plugins/ca_models
  specs:
    ca_models (1.0.0)
      active_rest (>= 6.6.0)
      json-jwt

PATH
  remote: ../yggdra/plugins/core_hel
  specs:
    core_hel (1.0.0)
      active_rest (>= 6.6.0)

PATH
  remote: ../yggdra/plugins/core_models
  specs:
    core_models (1.0.0)
      active_rest (>= 7.0.0)
      am-amqp
      deep_open_struct
      geocoder
      hooks
      pg_search
      uuidtools
      vihai-password-rails

PATH
  remote: ../yggdra/plugins/core_nisse_hel
  specs:
    core_nisse_hel (0.0.1)

PATH
  remote: ../yggdra/plugins/hel
  specs:
    hel (1.0.0)

PATH
  remote: ../yggdra/plugins/i18n_hel
  specs:
    i18n_hel (1.0.0)
      active_rest (>= 6.6.0)

PATH
  remote: ../yggdra/plugins/i18n_models
  specs:
    i18n_models (1.0.0)
      active_rest (>= 6.6.0)

PATH
  remote: ../yggdra/plugins/json_exceptions
  specs:
    json_exceptions (0.0.1)

PATH
  remote: ../yggdra/plugins/ml_hel
  specs:
    ml_hel (1.0.0)
      active_rest (>= 6.6.0)

PATH
  remote: ../yggdra/plugins/ml_heltog
  specs:
    ml_heltog (1.0.0)

PATH
  remote: ../yggdra/plugins/ml_models
  specs:
    ml_models (1.0.0)
      active_rest (>= 6.6.0)
      am-smtp
      dkim
      mail

PATH
  remote: ../yggdra/plugins/nisse_hel
  specs:
    nisse_hel (1.0.0)

PATH
  remote: ../yggdra/plugins/rails_actor_model
  specs:
    rails_actor_model (1.0.0)
      actor_model (>= 1.3.0)
      colorize

PATH
  remote: ../yggdra/plugins/rails_amqp
  specs:
    rails_amqp (1.0.0)
      am-amqp (>= 1.3.0)

PATH
  remote: ../yggdra/plugins/streaming_hel
  specs:
    streaming_hel (1.0.0)

PATH
  remote: ../yggdra/plugins/streaming_models
  specs:
    streaming_models (1.0.0)

PATH
  remote: ../yggdra/plugins/vihai_password_rails
  specs:
    vihai-password-rails (1.0.0)
      vihai-password

GEM
  remote: https://rubygems.org/
  remote: https://gems.sevio.it/
  specs:
    actioncable (5.1.6)
      actionpack (= 5.1.6)
      nio4r (~> 2.0)
      websocket-driver (~> 0.6.1)
    actionmailer (5.1.6)
      actionpack (= 5.1.6)
      actionview (= 5.1.6)
      activejob (= 5.1.6)
      mail (~> 2.5, >= 2.5.4)
      rails-dom-testing (~> 2.0)
    actionpack (5.1.6)
      actionview (= 5.1.6)
      activesupport (= 5.1.6)
      rack (~> 2.0)
      rack-test (>= 0.6.3)
      rails-dom-testing (~> 2.0)
      rails-html-sanitizer (~> 1.0, >= 1.0.2)
    actionview (5.1.6)
      activesupport (= 5.1.6)
      builder (~> 3.1)
      erubi (~> 1.4)
      rails-dom-testing (~> 2.0)
      rails-html-sanitizer (~> 1.0, >= 1.0.3)
    activejob (5.1.6)
      activesupport (= 5.1.6)
      globalid (>= 0.3.6)
    activemodel (5.1.6)
      activesupport (= 5.1.6)
    activerecord (5.1.6)
      activemodel (= 5.1.6)
      activesupport (= 5.1.6)
      arel (~> 8.0)
    activesupport (5.1.6)
      concurrent-ruby (~> 1.0, >= 1.0.2)
      i18n (>= 0.7, < 2)
      minitest (~> 5.1)
      tzinfo (~> 1.1)
    actor_model (1.4.57)
      activesupport
      sleepy_penguin
    address_selector (0.0.7)
    aes_key_wrap (1.0.1)
    airbrake (7.2.1)
      airbrake-ruby (~> 2.5)
    airbrake-ruby (2.8.3)
    am-amqp (1.4.5)
      actor_model (~> 1.4.0)
      address_selector
      amq-protocol
      awesome_print
      vihai_io_buffer
    am-http (0.2.6)
      actor_model (~> 1.4.0)
      address_selector
      awesome_print
      sqlite3
      vihai_io_buffer
    am-satispay (0.0.13)
      activesupport
      am-http
    am-smtp (1.0.3)
      actor_model (~> 1.4.27)
      address_selector
      vihai_io_buffer
    amq-protocol (2.3.0)
    arel (8.0.0)
    awesome_print (1.8.0)
    bindata (2.4.3)
    builder (3.2.3)
    byebug (10.0.2)
    coderay (1.1.2)
    colorize (0.7.7)
    concurrent-ruby (1.0.5)
    crass (1.0.4)
    deep_open_struct (1.0.5)
    dkim (1.0.1)
    erubi (1.7.1)
    ffi (1.9.23)
    geocoder (1.4.7)
    globalid (0.4.1)
      activesupport (>= 4.2.0)
    hel_together (1.3.3)
      rack (>= 1.5.2)
      ygg_agent (~> 2.7.0)
    hooks (0.4.1)
      uber (~> 0.0.14)
    i18n (1.0.0)
      concurrent-ruby (~> 1.0)
    json (2.1.0)
    json-jwt (1.9.2)
      activesupport
      aes_key_wrap
      bindata
      securecompare
      url_safe_base64
    loofah (2.2.2)
      crass (~> 1.0.2)
      nokogiri (>= 1.5.9)
    mail (2.7.0)
      mini_mime (>= 0.1.1)
    method_source (0.9.0)
    mini_mime (1.0.0)
    mini_portile2 (2.3.0)
    minitest (5.11.3)
    net-ldap (0.16.1)
    nio4r (2.3.0)
    nokogiri (1.8.2)
      mini_portile2 (~> 2.3.0)
    pg (1.0.0)
    pg_search (2.1.2)
      activerecord (>= 4.2)
      activesupport (>= 4.2)
      arel (>= 6)
    phone (1.2.3)
    pry (0.11.3)
      coderay (~> 1.1.0)
      method_source (~> 0.9.0)
    pry-rails (0.3.6)
      pry (>= 0.10.4)
    puma (3.11.3)
    puma-plugin-systemd (0.5.2)
      json
      puma (~> 3.11)
    rack (2.0.4)
    rack-test (1.0.0)
      rack (>= 1.0, < 3)
    rails (5.1.6)
      actioncable (= 5.1.6)
      actionmailer (= 5.1.6)
      actionpack (= 5.1.6)
      actionview (= 5.1.6)
      activejob (= 5.1.6)
      activemodel (= 5.1.6)
      activerecord (= 5.1.6)
      activesupport (= 5.1.6)
      bundler (>= 1.3.0)
      railties (= 5.1.6)
      sprockets-rails (>= 2.0.0)
    rails-dom-testing (2.0.3)
      activesupport (>= 4.2.0)
      nokogiri (>= 1.6)
    rails-html-sanitizer (1.0.4)
      loofah (~> 2.2, >= 2.2.2)
    railties (5.1.6)
      actionpack (= 5.1.6)
      activesupport (= 5.1.6)
      method_source
      rake (>= 0.8.7)
      thor (>= 0.18.1, < 2.0)
    rake (12.3.1)
    roxml (4.0.0)
      activesupport (>= 4.0)
      nokogiri (>= 1.3.3)
    rubytree (100.9.7)
      json
      structured_warnings (~> 0.2)
    rufus-tokyo (11.0.7)
    securecompare (1.0.0)
    sleepy_penguin (3.5.0)
    spring (2.0.2)
      activesupport (>= 4.2)
    sprockets (3.7.1)
      concurrent-ruby (~> 1.0)
      rack (> 1, < 3)
    sprockets-rails (3.2.1)
      actionpack (>= 4.0)
      activesupport (>= 4.0)
      sprockets (>= 3.0.0)
    sqlite3 (1.3.13)
    structured_warnings (0.3.0)
    thor (0.20.0)
    thread_safe (0.3.6)
    tiny_tds (2.1.1)
    tzinfo (1.2.5)
      thread_safe (~> 0.1)
    uber (0.0.15)
    unindent (1.0)
    url_safe_base64 (0.2.2)
    uuidtools (2.1.5)
    vihai-password (1.4.2)
      ffi
    vihai_io_buffer (0.0.3)
    websocket (1.2.5)
    websocket-driver (0.6.5)
      websocket-extensions (>= 0.1.0)
    websocket-extensions (0.1.3)
    ygg_agent (2.7.22)
      am-amqp (~> 1.4.0)
      rufus-tokyo (~> 11.0.0)
      ygg_app (~> 1.3.0)
    ygg_app (1.3.34)
      actor_model (~> 1.4.0)
      airbrake-ruby
      awesome_print
      colorize (~> 0.7.3)
      deep_open_struct
      ffi (~> 1.9.0)
      pry
      unindent
      vihai_io_buffer

PLATFORMS
  ruby

DEPENDENCIES
  acao_hel!
  acao_maindb_models!
  acao_models!
  acao_onda_models!
  active_rest (~> 8.0.0)!
  activerecord-sqlserver-adapter!
  airbrake
  am-http!
  amqp_ws_gw!
  awesome_print
  byebug
  ca_hel!
  ca_models!
  core_hel!
  core_models!
  core_nisse_hel!
  geocoder
  hel!
  hel_together (= 1.3.3)
  i18n_hel!
  i18n_models!
  json_exceptions!
  mail
  ml_hel!
  ml_heltog!
  ml_models!
  net-ldap
  nisse_hel!
  pg
  phone
  pry
  pry-rails
  puma
  puma-plugin-systemd!
  rails (~> 5.1.0)
  rails_actor_model!
  rails_amqp!
  spring
  streaming_hel!
  streaming_models!
  tiny_tds
  trk_hel!
  trk_models!
  vihai-password (>= 1.2.0)!
  vihai-password-rails!

BUNDLED WITH
   1.16.1
